GEM
  remote: https://rubygems.org/
  specs:
    byebug (9.0.6)
    rack (2.0.3)

PLATFORMS
  ruby

DEPENDENCIES
  byebug
  rack

RUBY VERSION
   ruby 2.3.0p0

BUNDLED WITH
   1.14.6
