GEM
  remote: https://rubygems.org/
  specs:
    byebug (9.0.6)
    hanami-controller (1.0.0)
      hanami-utils (~> 1.0)
      rack (~> 2.0)
    hanami-router (1.0.0)
      hanami-utils (~> 1.0)
      http_router (= 0.11.2)
      rack (~> 2.0)
    hanami-utils (1.0.0)
    http_router (0.11.2)
      rack (>= 1.0.0)
      url_mount (~> 0.2.1)
    rack (2.0.3)
    url_mount (0.2.1)
      rack

PLATFORMS
  ruby

DEPENDENCIES
  byebug
  hanami-controller
  hanami-router
  rack

RUBY VERSION
   ruby 2.3.0p0

BUNDLED WITH
   1.14.6
